GEM
  remote: https://rubygems.org/
  specs:
    addressable (2.5.0)
      public_suffix (~> 2.0, >= 2.0.2)
    faraday (0.11.0)
      multipart-post (>= 1.2, < 3)
    multipart-post (2.0.0)
    netrc (0.11.0)
    octokit (4.6.2)
      sawyer (~> 0.8.0, >= 0.5.3)
    public_suffix (2.0.5)
    sawyer (0.8.1)
      addressable (>= 2.3.5, < 2.6)
      faraday (~> 0.8, < 1.0)
    straight_line (0.1.1.0)
      netrc
      octokit
      thor
    thor (0.19.4)

PLATFORMS
  ruby

DEPENDENCIES
  straight_line

BUNDLED WITH
   1.11.2
